GIT
  remote: https://github.com/heartcombo/devise.git
  revision: 451ff6d49c71e543962d2b29d77f2e744b2d47e1
  specs:
    devise (4.8.1)
      bcrypt (~> 3.0)
      orm_adapter (~> 0.1)
      railties (>= 4.1.0)
      responders
      warden (~> 1.2.3)

GIT
  remote: https://github.com/projectblacklight/blacklight_advanced_search.git
  revision: 9c04e3770c137d1958f43aa260bc302ab5cfb63b
  specs:
    blacklight_advanced_search (7.0.0)
      blacklight (~> 7.0)
      parslet

GIT
  remote: https://github.com/tulibraries/alma_rb.git
  revision: f1ce07e9298a0be6fcb0862bdc7b4dddc6be6ab2
  branch: main
  specs:
    alma (0.3.3)
      activesupport
      ezwadl
      httparty
      xml-simple

GIT
  remote: https://github.com/tulibraries/blacklight_alma.git
  revision: 2c45022e573e1f461dcfa8549fe5a1c5b186ae29
  branch: main
  specs:
    blacklight_alma (0.0.1)
      blacklight (~> 7.0)
      ezwadl (= 0.0.1)
      jwt (= 1.5.6)
      rails (>= 5.2, < 7)

GIT
  remote: https://github.com/tulibraries/blacklight_range_limit.git
  revision: 7552146fc2f61dc8750f8c9a6c54217530d48bac
  branch: bl-1431-bl-1358
  specs:
    blacklight_range_limit (8.0.0)
      blacklight (~> 7.0)

GIT
  remote: https://github.com/tulibraries/cdm_rb.git
  revision: d20d9c1adee7c29c3e471a79c63168dba34dbc26
  branch: master
  specs:
    cdm (0.1.0)
      httparty
      nokogiri

GIT
  remote: https://github.com/tulibraries/cob_az_index.git
  revision: d7a660796aa25eaa44871e8628bd47064072de10
  branch: main
  specs:
    cob_az_index (0.1.0)
      gli (~> 2.18)
      httparty
      traject (~> 3.1)
      traject_plus (>= 1.1, < 3.0)

GIT
  remote: https://github.com/tulibraries/cob_index.git
  revision: 815f2763085bedfa5e2fbe79ae1f64eddf2f9d12
  branch: main
  specs:
    cob_index (0.1.0)
      gli (~> 2.18)
      library_stdnums (~> 1.6)
      traject (~> 3.1)

GIT
  remote: https://github.com/tulibraries/cob_web_index.git
  revision: 9d98bde4784967119333582a17d01c21211e91e2
  branch: main
  specs:
    cob_web_index (0.1.0)
      gli (~> 2.18)
      httparty
      traject (~> 3.1)
      traject_plus (>= 1.1, < 3.0)

GIT
  remote: https://github.com/tulibraries/lc_solr_sortable
  revision: 397db36c7d0c0267b59e19c23013cd1154f01452
  branch: main
  specs:
    lc_solr_sortable (0.1.0)

GIT
  remote: https://github.com/tulibraries/primo
  revision: af09c04a644f13491b53320d61aa4f847fe23a06
  branch: main
  specs:
    primo (0.1.0)
      httparty

GIT
  remote: https://github.com/upenn-libraries/blacklight-ris.git
  revision: 88b4f1defc441c49d2408b3881ee4482b203eb7c
  specs:
    blacklight-ris (0.1.0)
      rails (> 4.2)

GEM
  remote: https://rubygems.org/
  specs:
    actioncable (6.1.6.1)
      actionpack (= 6.1.6.1)
      activesupport (= 6.1.6.1)
      nio4r (~> 2.0)
      websocket-driver (>= 0.6.1)
    actionmailbox (6.1.6.1)
      actionpack (= 6.1.6.1)
      activejob (= 6.1.6.1)
      activerecord (= 6.1.6.1)
      activestorage (= 6.1.6.1)
      activesupport (= 6.1.6.1)
      mail (>= 2.7.1)
    actionmailer (6.1.6.1)
      actionpack (= 6.1.6.1)
      actionview (= 6.1.6.1)
      activejob (= 6.1.6.1)
      activesupport (= 6.1.6.1)
      mail (~> 2.5, >= 2.5.4)
      rails-dom-testing (~> 2.0)
    actionpack (6.1.6.1)
      actionview (= 6.1.6.1)
      activesupport (= 6.1.6.1)
      rack (~> 2.0, >= 2.0.9)
      rack-test (>= 0.6.3)
      rails-dom-testing (~> 2.0)
      rails-html-sanitizer (~> 1.0, >= 1.2.0)
    actiontext (6.1.6.1)
      actionpack (= 6.1.6.1)
      activerecord (= 6.1.6.1)
      activestorage (= 6.1.6.1)
      activesupport (= 6.1.6.1)
      nokogiri (>= 1.8.5)
    actionview (6.1.6.1)
      activesupport (= 6.1.6.1)
      builder (~> 3.1)
      erubi (~> 1.4)
      rails-dom-testing (~> 2.0)
      rails-html-sanitizer (~> 1.1, >= 1.2.0)
    activejob (6.1.6.1)
      activesupport (= 6.1.6.1)
      globalid (>= 0.3.6)
    activemodel (6.1.6.1)
      activesupport (= 6.1.6.1)
    activerecord (6.1.6.1)
      activemodel (= 6.1.6.1)
      activesupport (= 6.1.6.1)
    activestorage (6.1.6.1)
      actionpack (= 6.1.6.1)
      activejob (= 6.1.6.1)
      activerecord (= 6.1.6.1)
      activesupport (= 6.1.6.1)
      marcel (~> 1.0)
      mini_mime (>= 1.1.0)
    activesupport (6.1.6.1)
      concurrent-ruby (~> 1.0, >= 1.0.2)
      i18n (>= 1.6, < 2)
      minitest (>= 5.1)
      tzinfo (~> 2.0)
      zeitwerk (~> 2.3)
    addressable (2.8.0)
      public_suffix (>= 2.0.2, < 5.0)
    ast (2.4.2)
    autoprefixer-rails (10.4.7.0)
      execjs (~> 2)
    awesome_print (1.9.2)
    bcrypt (3.1.17)
    bento_search (2.0.0.rc1)
      confstruct (~> 1.0)
      htmlentities
      httpclient (>= 2.2.5, < 3.0.0)
      language_list (~> 1.0)
      multi_json (>= 1.0.4, < 2.0)
      nokogiri
      openurl (>= 0.3.1, < 1.1)
      rails (>= 5.2, < 7)
      summon
    bindex (0.8.1)
    blacklight (7.28.0)
      deprecation
      globalid
      hashdiff
      i18n (>= 1.7.0)
      jbuilder (~> 2.7)
      kaminari (>= 0.15)
      ostruct (>= 0.3.2)
      rails (>= 5.1, < 7.1)
      view_component (~> 2.43)
    blacklight-marc (7.1.1)
      blacklight (~> 7.0)
      library_stdnums
      marc (>= 0.4.3, < 2.0)
      marc-fastxmlwriter
      rails
      traject (~> 3.0)
    bootsnap (1.9.3)
      msgpack (~> 1.0)
    bootstrap (4.6.1)
      autoprefixer-rails (>= 9.1.0)
      popper_js (>= 1.14.3, < 2)
      sassc-rails (>= 2.0.0)
    browser (5.3.1)
    builder (3.2.4)
    byebug (11.1.3)
    capybara (3.37.1)
      addressable
      matrix
      mini_mime (>= 0.1.3)
      nokogiri (~> 1.8)
      rack (>= 1.6.0)
      rack-test (>= 0.6.3)
      regexp_parser (>= 1.5, < 3.0)
      xpath (~> 3.2)
    coderay (1.1.3)
    coffee-rails (5.0.0)
      coffee-script (>= 2.2.0)
      railties (>= 5.2.0)
    coffee-script (2.4.1)
      coffee-script-source
      execjs
    coffee-script-source (1.12.2)
    concurrent-ruby (1.1.10)
    confstruct (1.1.0)
      hashie (>= 3.3, < 5)
    crack (0.4.5)
      rexml
    crass (1.0.6)
    dalli (3.2.2)
    database_cleaner (2.0.1)
      database_cleaner-active_record (~> 2.0.0)
    database_cleaner-active_record (2.0.1)
      activerecord (>= 5.a)
      database_cleaner-core (~> 2.0.0)
    database_cleaner-core (2.0.1)
    deprecation (1.1.0)
      activesupport
    devise-guests (0.8.1)
      devise
    diff-lcs (1.5.0)
    docile (1.4.0)
    domain_name (0.5.20190701)
      unf (>= 0.0.5, < 1.0.0)
    dot-properties (0.1.4)
      bundler (>= 2.2.33)
    dotenv (2.7.6)
    dotenv-rails (2.7.6)
      dotenv (= 2.7.6)
      railties (>= 3.2)
    erubi (1.11.0)
    execjs (2.8.1)
    ezwadl (0.0.1)
      httparty (~> 0.14)
      nokogiri (~> 1.6)
    factory_bot (6.2.1)
      activesupport (>= 5.0.0)
    factory_bot_rails (6.2.0)
      factory_bot (~> 6.2.0)
      railties (>= 5.0.0)
    faraday (1.8.0)
      faraday-em_http (~> 1.0)
      faraday-em_synchrony (~> 1.0)
      faraday-excon (~> 1.1)
      faraday-httpclient (~> 1.0.1)
      faraday-net_http (~> 1.0)
      faraday-net_http_persistent (~> 1.1)
      faraday-patron (~> 1.0)
      faraday-rack (~> 1.0)
      multipart-post (>= 1.2, < 3)
      ruby2_keywords (>= 0.0.4)
    faraday-em_http (1.0.0)
    faraday-em_synchrony (1.0.0)
    faraday-excon (1.1.0)
    faraday-httpclient (1.0.1)
    faraday-net_http (1.0.1)
    faraday-net_http_persistent (1.2.0)
    faraday-patron (1.0.0)
    faraday-rack (1.0.0)
    ffi (1.15.5)
    ffi (1.15.5-x64-mingw-ucrt)
    ffi (1.15.5-x64-unknown)
    ffi-compiler (1.0.1)
      ffi (>= 1.0.0)
      rake
    flamegraph (0.9.5)
    foreman (0.87.2)
    gli (2.21.0)
    globalid (1.0.0)
      activesupport (>= 5.0)
    google-analytics-rails (1.1.1)
    hashdiff (1.0.1)
    hashie (4.1.0)
    honeybadger (4.12.1)
    htmlentities (4.3.4)
    http (5.1.0)
      addressable (~> 2.8)
      http-cookie (~> 1.0)
      http-form_data (~> 2.2)
      llhttp-ffi (~> 0.4.0)
    http-cookie (1.0.5)
      domain_name (~> 0.5)
    http-form_data (2.3.0)
    httparty (0.20.0)
      mime-types (~> 3.0)
      multi_xml (>= 0.5.2)
    httpclient (2.8.3)
    i18n (1.12.0)
      concurrent-ruby (~> 1.0)
    jbuilder (2.11.5)
      actionview (>= 5.0.0)
      activesupport (>= 5.0.0)
    jquery-rails (4.5.0)
      rails-dom-testing (>= 1, < 3)
      railties (>= 4.2.0)
      thor (>= 0.14, < 2.0)
    json (2.6.2)
    jsonpath (1.1.2)
      multi_json
    jwt (1.5.6)
    kaminari (1.2.2)
      activesupport (>= 4.1.0)
      kaminari-actionview (= 1.2.2)
      kaminari-activerecord (= 1.2.2)
      kaminari-core (= 1.2.2)
    kaminari-actionview (1.2.2)
      actionview
      kaminari-core (= 1.2.2)
    kaminari-activerecord (1.2.2)
      activerecord
      kaminari-core (= 1.2.2)
    kaminari-core (1.2.2)
    language_list (1.2.1)
    launchy (2.5.0)
      addressable (~> 2.7)
    library_stdnums (1.6.0)
    llhttp-ffi (0.4.0)
      ffi-compiler (~> 1.0)
      rake (~> 13.0)
    loofah (2.18.0)
      crass (~> 1.0.2)
      nokogiri (>= 1.5.9)
    mail (2.7.1)
      mini_mime (>= 0.1.1)
    marc (1.2.0)
      rexml
      scrub_rb (>= 1.0.1, < 2)
      unf
    marc-fastxmlwriter (1.1.0)
      marc (~> 1.0)
    marcel (1.0.2)
    matrix (0.4.2)
    method_source (1.0.0)
    mime-types (3.4.1)
      mime-types-data (~> 3.2015)
    mime-types-data (3.2022.0105)
    mini_mime (1.1.2)
    mini_portile2 (2.8.0)
    minitest (5.16.2)
    msgpack (1.5.1)
    multi_json (1.15.0)
    multi_xml (0.6.0)
    multipart-post (2.1.1)
    mysql2 (0.5.4)
    nio4r (2.5.8)
    nokogiri (1.13.6)
      mini_portile2 (~> 2.8.0)
      racc (~> 1.4)
    okcomputer (1.18.4)
    omniauth (2.0.4)
      hashie (>= 3.4.6)
      rack (>= 1.6.2, < 3)
      rack-protection
    omniauth-rails_csrf_protection (1.0.1)
      actionpack (>= 4.2)
      omniauth (~> 2.0)
    omniauth-saml (2.1.0)
      omniauth (~> 2.0)
      ruby-saml (~> 1.12)
    omniauth-shibboleth (1.3.0)
      omniauth (>= 1.0.0)
    openurl (1.0.0)
      marc
      scrub_rb (~> 1.0)
    orm_adapter (0.5.0)
    ostruct (0.5.5)
    parallel (1.22.1)
    parser (3.1.2.1)
      ast (~> 2.4.1)
    parslet (2.0.0)
    popper_js (1.16.0)
    pry (0.14.1)
      coderay (~> 1.1)
      method_source (~> 1.0)
    pry-rails (0.3.9)
      pry (>= 0.10.4)
    public_suffix (4.0.7)
    puma (5.6.4)
      nio4r (~> 2.0)
    racc (1.6.0)
    rack (2.2.4)
    rack-mini-profiler (3.0.0)
      rack (>= 1.2.0)
    rack-protection (2.2.0)
      rack
    rack-proxy (0.7.2)
      rack
    rack-test (2.0.2)
      rack (>= 1.3)
    rails (6.1.6.1)
      actioncable (= 6.1.6.1)
      actionmailbox (= 6.1.6.1)
      actionmailer (= 6.1.6.1)
      actionpack (= 6.1.6.1)
      actiontext (= 6.1.6.1)
      actionview (= 6.1.6.1)
      activejob (= 6.1.6.1)
      activemodel (= 6.1.6.1)
      activerecord (= 6.1.6.1)
      activestorage (= 6.1.6.1)
      activesupport (= 6.1.6.1)
      bundler (>= 1.15.0)
      railties (= 6.1.6.1)
      sprockets-rails (>= 2.0.0)
    rails-controller-testing (1.0.5)
      actionpack (>= 5.0.1.rc1)
      actionview (>= 5.0.1.rc1)
      activesupport (>= 5.0.1.rc1)
    rails-dom-testing (2.0.3)
      activesupport (>= 4.2.0)
      nokogiri (>= 1.6)
    rails-html-sanitizer (1.4.3)
      loofah (~> 2.3)
    railties (6.1.6.1)
      actionpack (= 6.1.6.1)
      activesupport (= 6.1.6.1)
      method_source
      rake (>= 12.2)
      thor (~> 1.0)
    rainbow (3.1.1)
    rake (13.0.6)
    regexp_parser (2.5.0)
    responders (3.0.1)
      actionpack (>= 5.0)
      railties (>= 5.0)
    retriable (3.1.2)
    rexml (3.2.5)
    rsolr (2.5.0)
      builder (>= 2.1.2)
      faraday (>= 0.9, < 3, != 2.0.0)
    rspec-core (3.11.0)
      rspec-support (~> 3.11.0)
    rspec-expectations (3.11.0)
      diff-lcs (>= 1.2.0, < 2.0)
      rspec-support (~> 3.11.0)
    rspec-mocks (3.11.1)
      diff-lcs (>= 1.2.0, < 2.0)
      rspec-support (~> 3.11.0)
    rspec-rails (5.1.2)
      actionpack (>= 5.2)
      activesupport (>= 5.2)
      railties (>= 5.2)
      rspec-core (~> 3.10)
      rspec-expectations (~> 3.10)
      rspec-mocks (~> 3.10)
      rspec-support (~> 3.10)
    rspec-support (3.11.0)
    rubocop (1.34.1)
      json (~> 2.3)
      parallel (~> 1.10)
      parser (>= 3.1.2.1)
      rainbow (>= 2.2.2, < 4.0)
      regexp_parser (>= 1.8, < 3.0)
      rexml (>= 3.2.5, < 4.0)
      rubocop-ast (>= 1.20.0, < 2.0)
      ruby-progressbar (~> 1.7)
      unicode-display_width (>= 1.4.0, < 3.0)
    rubocop-ast (1.21.0)
      parser (>= 3.1.1.0)
    rubocop-rails (2.15.2)
      activesupport (>= 4.2.0)
      rack (>= 1.1)
      rubocop (>= 1.7.0, < 2.0)
    ruby-prof (1.4.3)
    ruby-progressbar (1.11.0)
    ruby-saml (1.12.2)
      nokogiri (>= 1.10.5)
      rexml
    ruby2_keywords (0.0.5)
    rubyzip (2.3.2)
    sass-rails (6.0.0)
      sassc-rails (~> 2.1, >= 2.1.1)
    sassc (2.4.0)
      ffi (~> 1.9)
    sassc-rails (2.1.2)
      railties (>= 4.0.0)
      sassc (>= 2.0)
      sprockets (> 3.0)
      sprockets-rails
      tilt
    scrub_rb (1.0.1)
    semantic_range (3.0.0)
    simplecov (0.21.2)
      docile (~> 1.1)
      simplecov-html (~> 0.11)
      simplecov_json_formatter (~> 0.1)
    simplecov-html (0.12.3)
    simplecov-lcov (0.8.0)
    simplecov_json_formatter (0.1.4)
    skylight (4.3.2)
      skylight-core (= 4.3.2)
    skylight-core (4.3.2)
      activesupport (>= 4.2.0)
    slop (4.9.2)
    solr_wrapper (3.1.3)
      http
      retriable
      ruby-progressbar
      rubyzip
    spring (2.1.1)
    sprockets (4.1.1)
      concurrent-ruby (~> 1.0)
      rack (> 1, < 3)
    sprockets-rails (3.4.2)
      actionpack (>= 5.2)
      activesupport (>= 5.2)
      sprockets (>= 3.0.0)
    sqlite3 (1.4.4)
    stackprof (0.2.21)
    summon (2.0.5)
      json
    thor (1.2.1)
    tilt (2.0.10)
    traject (3.7.0)
      concurrent-ruby (>= 0.8.0)
      dot-properties (>= 0.1.1)
      hashie (>= 3.1, < 6)
      http (>= 3.0, < 6)
      httpclient (~> 2.5)
      marc (~> 1.0)
      marc-fastxmlwriter (~> 1.0)
      nokogiri (~> 1.9)
      slop (~> 4.0)
      yell
    traject_plus (2.0.0)
      activesupport
      deprecation
      jsonpath
      traject (~> 3.0)
    turbolinks (5.2.1)
      turbolinks-source (~> 5.2)
    turbolinks-source (5.2.0)
    twitter-typeahead-rails (0.11.1)
      actionpack (>= 3.1)
      jquery-rails
      railties (>= 3.1)
    tzinfo (2.0.5)
      concurrent-ruby (~> 1.0)
    uglifier (4.2.0)
      execjs (>= 0.3.0, < 3)
    unf (0.1.4)
      unf_ext
    unf_ext (0.0.8.2)
    unicode-display_width (2.2.0)
    vcr (6.1.0)
    view_component (2.61.0)
      activesupport (>= 5.0.0, < 8.0)
      method_source (~> 1.0)
    warden (1.2.9)
      rack (>= 2.0.9)
    web-console (4.2.0)
      actionview (>= 6.0.0)
      activemodel (>= 6.0.0)
      bindex (>= 0.4.0)
      railties (>= 6.0.0)
    webmock (3.17.1)
      addressable (>= 2.8.0)
      crack (>= 0.3.2)
      hashdiff (>= 0.4.0, < 2.0.0)
    webpacker (6.0.0.rc.6)
      activesupport (>= 5.2)
      rack-proxy (>= 0.6.1)
      railties (>= 5.2)
      semantic_range (>= 2.3.0)
    websocket-driver (0.7.5)
      websocket-extensions (>= 0.1.0)
    websocket-extensions (0.1.5)
    xml-simple (1.1.9)
      rexml
    xpath (3.2.0)
      nokogiri (~> 1.8)
    yell (2.2.2)
    zeitwerk (2.6.0)

PLATFORMS
  aarch64-linux
  arm64-darwin
  ruby
  unknown

DEPENDENCIES
  alma!
  autoprefixer-rails
  awesome_print
  bento_search
  blacklight (~> 7.28.0)
  blacklight-marc
  blacklight-ris!
  blacklight_advanced_search!
  blacklight_alma!
  blacklight_range_limit!
  bootsnap (= 1.9.3)
  bootstrap (~> 4.6)
  browser
  byebug
  capybara (= 3.37.1)
  cdm!
  cob_az_index!
  cob_index!
  cob_web_index!
  coffee-rails (~> 5.0)
  dalli
  database_cleaner
  devise!
  devise-guests (~> 0.7)
  dotenv-rails
  execjs
  ezwadl
  factory_bot_rails
  faraday (= 1.8.0)
  flamegraph
  foreman
  google-analytics-rails (= 1.1.1)
  hashie (~> 4.1.0)
  honeybadger (= 4.12.1)
  httparty
  jbuilder (~> 2.11)
  jquery-rails
  launchy
  lc_solr_sortable!
  mysql2 (~> 0.5.4)
  nokogiri (= 1.13.6)
  okcomputer
  omniauth
  omniauth-rails_csrf_protection
  omniauth-saml
  omniauth-shibboleth
  popper_js
  primo!
  pry-rails
  puma (= 5.6.4)
  rack-mini-profiler
  rails (= 6.1.6.1)
  rails-controller-testing
  railties
  rsolr (~> 2.4)
  rspec-rails
  rubocop
  rubocop-rails
  ruby-prof
  ruby-saml (= 1.12.2)
  sass-rails (~> 6.0)
  simplecov
  simplecov-lcov
  skylight (= 4.3.2)
  solr_wrapper (>= 0.3)
  spring
  sqlite3
  stackprof
  turbolinks (~> 5)
  twitter-typeahead-rails (= 0.11.1)
  tzinfo-data
  uglifier (>= 1.3.0)
  vcr
  web-console
  webmock
  webpacker (= 6.0.0.rc.6)

BUNDLED WITH
   2.3.9
